PATH
  remote: .
  specs:
    pugcms-ruby (1.0.0)
      httparty

GEM
  remote: https://rubygems.org/
  specs:
    httparty (0.21.0)
      mini_mime (>= 1.0.0)
      multi_xml (>= 0.5.2)
    mini_mime (1.1.2)
    minitest (5.14.0)
    multi_xml (0.6.0)
    rake (12.3.3)

PLATFORMS
  ruby

DEPENDENCIES
  bundler (~> 1.17)
  httparty
  minitest (~> 5.0)
  pugcms-ruby!
  rake (~> 12.3.3)

BUNDLED WITH
   1.17.3
