PATH
  remote: .
  specs:
    pugcms-ruby (1.0.0)
      httparty

GEM
  remote: https://rubygems.org/
  specs:
    httparty (0.18.0)
      mime-types (~> 3.0)
      multi_xml (>= 0.5.2)
    mime-types (3.3.1)
      mime-types-data (~> 3.2015)
    mime-types-data (3.2019.1009)
    minitest (5.14.0)
    multi_xml (0.6.0)
    rake (13.0.1)

PLATFORMS
  ruby

DEPENDENCIES
  bundler (~> 1.17)
  httparty
  minitest (~> 5.0)
  pugcms-ruby!
  rake (~> 13.0)

BUNDLED WITH
   1.17.3
